GEM
  remote: https://rubygems.org/
  specs:
    crass (1.0.2)
    dotenv (2.1.1)
    ffi (1.9.18)
    httparty (0.16.2)
      multi_xml (>= 0.5.2)
    intercom (3.5.4)
      json (~> 1.8)
    json (1.8.6)
    listen (3.1.5)
      rb-fsevent (~> 0.9, >= 0.9.4)
      rb-inotify (~> 0.9, >= 0.9.7)
      ruby_dep (~> 1.2)
    mini_portile2 (2.1.0)
    multi_xml (0.6.0)
    nokogiri (1.7.2)
      mini_portile2 (~> 2.1.0)
    nokogumbo (1.4.11)
      nokogiri
    rack (1.6.8)
    rack-protection (1.5.3)
      rack
    rb-fsevent (0.9.8)
    rb-inotify (0.9.8)
      ffi (>= 0.5.0)
    rerun (0.11.0)
      listen (~> 3.0)
    reverse_markdown (1.0.3)
      nokogiri
    ruby_dep (1.5.0)
    sanitize (4.4.0)
      crass (~> 1.0.2)
      nokogiri (>= 1.4.4)
      nokogumbo (~> 1.4.1)
    sinatra (1.4.7)
      rack (~> 1.5)
      rack-protection (~> 1.4)
      tilt (>= 1.3, < 3)
    slack-notifier (2.3.2)
    tilt (2.0.7)

PLATFORMS
  ruby

DEPENDENCIES
  dotenv
  httparty
  intercom
  rerun
  reverse_markdown
  sanitize
  sinatra
  slack-notifier

RUBY VERSION
   ruby 2.4.4p296

BUNDLED WITH
   1.16.1
