GEM
  remote: https://rubygems.org/
  specs:
    crass (1.0.4)
    dotenv (2.4.0)
    ffi (1.9.25)
    httparty (0.16.2)
      multi_xml (>= 0.5.2)
    intercom (3.5.25)
      json (>= 1.8)
    json (2.1.0)
    listen (3.1.5)
      rb-fsevent (~> 0.9, >= 0.9.4)
      rb-inotify (~> 0.9, >= 0.9.7)
      ruby_dep (~> 1.2)
    mini_portile2 (2.3.0)
    multi_xml (0.6.0)
    mustermann (1.0.2)
    nokogiri (1.8.2)
      mini_portile2 (~> 2.3.0)
    nokogumbo (1.5.0)
      nokogiri
    rack (2.0.5)
    rack-protection (2.0.3)
      rack
    rb-fsevent (0.10.3)
    rb-inotify (0.9.10)
      ffi (>= 0.5.0, < 2)
    rerun (0.13.0)
      listen (~> 3.0)
    reverse_markdown (1.1.0)
      nokogiri
    ruby_dep (1.5.0)
    sanitize (4.6.5)
      crass (~> 1.0.2)
      nokogiri (>= 1.4.4)
      nokogumbo (~> 1.4)
    sinatra (2.0.3)
      mustermann (~> 1.0)
      rack (~> 2.0)
      rack-protection (= 2.0.3)
      tilt (~> 2.0)
    slack-notifier (2.3.2)
    tilt (2.0.8)

PLATFORMS
  ruby

DEPENDENCIES
  dotenv
  httparty
  intercom
  rerun
  reverse_markdown
  sanitize
  sinatra
  slack-notifier

RUBY VERSION
   ruby 2.4.4p296

BUNDLED WITH
   1.16.1
